GEM
  remote: https://rubygems.org/
  specs:
    ansi (1.5.0)
    builder (3.2.2)
    minitest (5.6.0)
    minitest-reporters (1.0.11)
      ansi
      builder
      minitest (>= 5.0)
      ruby-progressbar
    ruby-progressbar (1.7.5)
    unicode_utils (1.4.0)

PLATFORMS
  ruby

DEPENDENCIES
  minitest
  minitest-reporters
  unicode_utils
